GEM
  remote: https://rubygems.org/
  specs:
    json (1.8.1)
    rake (10.1.0)

PLATFORMS
  ruby

DEPENDENCIES
  json
  rake
